PATH
  remote: ~/projects/kekomi_content_types
  specs:
    kekomi_content_types (0.0.1)
      activesupport (~> 3.2.6)
      kramdown
      mongoid (~> 2.4.11)

GEM
  remote: http://rubygems.org/
  specs:
    actionpack (3.2.6)
      activemodel (= 3.2.6)
      activesupport (= 3.2.6)
      builder (~> 3.0.0)
      erubis (~> 2.7.0)
      journey (~> 1.0.1)
      rack (~> 1.4.0)
      rack-cache (~> 1.2)
      rack-test (~> 0.6.1)
      sprockets (~> 2.1.3)
    activemodel (3.2.6)
      activesupport (= 3.2.6)
      builder (~> 3.0.0)
    activesupport (3.2.6)
      i18n (~> 0.6)
      multi_json (~> 1.0)
    bson (1.6.4)
    bson_ext (1.6.4)
      bson (~> 1.6.4)
    builder (3.0.0)
    carrierwave (0.6.2)
      activemodel (>= 3.2.0)
      activesupport (>= 3.2.0)
    carrierwave-mongoid (0.2.1)
      carrierwave (~> 0.6.1)
      mongoid (~> 2.1)
<<<<<<< HEAD
    color (1.4.1)
    color_namer (0.1.0)
      color (>= 1.4.1)
=======
>>>>>>> 701834f098994796692ec4b9c7b90e3ec2d74e7c
    erubis (2.7.0)
    exifr (1.1.3)
    h2o (0.3.2)
    haml (3.1.6)
    hike (1.2.1)
    http_router (0.10.2)
      rack (>= 1.0.0)
      url_mount (~> 0.2.1)
    i18n (0.6.0)
    journey (1.0.4)
    json (1.7.3)
    jsonify (0.4.0)
      multi_json (~> 1.3)
    kaminari (0.13.0)
      actionpack (>= 3.0.0)
      activesupport (>= 3.0.0)
      railties (>= 3.0.0)
    kramdown (0.13.7)
    mail (2.3.3)
      i18n (>= 0.4.0)
      mime-types (~> 1.16)
      treetop (~> 1.4.8)
    mime-types (1.18)
    mongo (1.6.2)
      bson (~> 1.6.2)
    mongoid (2.4.11)
      activemodel (~> 3.1)
      mongo (<= 1.6.2)
      tzinfo (~> 0.3.22)
    mongoid-tree (0.7.0)
      mongoid (~> 2.0)
    mongoid_acts_as_list (0.0.5)
      mongoid (>= 2.0.1)
    mongoid_slug (0.10.0)
      mongoid (~> 2.0)
      stringex (~> 1.3)
    mongoid_taggable_with_context (0.8.1)
      mongoid (>= 2.0.0)
    multi_json (1.3.6)
    padrino (0.10.6)
      padrino-admin (= 0.10.6)
      padrino-cache (= 0.10.6)
      padrino-core (= 0.10.6)
      padrino-gen (= 0.10.6)
      padrino-helpers (= 0.10.6)
      padrino-mailer (= 0.10.6)
    padrino-admin (0.10.6)
      padrino-core (= 0.10.6)
      padrino-helpers (= 0.10.6)
    padrino-cache (0.10.6)
      padrino-core (= 0.10.6)
    padrino-core (0.10.6)
      activesupport (~> 3.2.0)
      http_router (~> 0.10.2)
      sinatra (~> 1.3.1)
      thor (~> 0.14.3)
      tilt (~> 1.3.0)
    padrino-gen (0.10.6)
      bundler (~> 1.0)
      padrino-core (= 0.10.6)
    padrino-helpers (0.10.6)
      i18n (~> 0.6)
      padrino-core (= 0.10.6)
    padrino-mailer (0.10.6)
      mail (~> 2.3.0)
      padrino-core (= 0.10.6)
    polyglot (0.3.3)
    rack (1.4.1)
    rack-cache (1.2)
      rack (>= 0.4)
    rack-protection (1.2.0)
      rack
    rack-ssl (1.3.2)
      rack
    rack-test (0.6.1)
      rack (>= 1.0)
    railties (3.2.6)
      actionpack (= 3.2.6)
      activesupport (= 3.2.6)
      rack-ssl (~> 1.3.2)
      rake (>= 0.8.7)
      rdoc (~> 3.4)
      thor (>= 0.14.6, < 2.0)
    rake (0.9.2.2)
    rdoc (3.12)
      json (~> 1.4)
    rmagick (2.13.1)
    sinatra (1.3.2)
      rack (~> 1.3, >= 1.3.6)
      rack-protection (~> 1.2)
      tilt (~> 1.3, >= 1.3.3)
    sinatra-flash (0.3.0)
      sinatra (>= 1.0.0)
    sprockets (2.1.3)
      hike (~> 1.2)
      rack (~> 1.0)
      tilt (~> 1.1, != 1.3.0)
    stringex (1.4.0)
    thor (0.14.6)
    tilt (1.3.3)
    treetop (1.4.10)
      polyglot
      polyglot (>= 0.3.1)
    tzinfo (0.3.33)
    url_mount (0.2.1)
      rack
    yajl-ruby (1.1.0)

PLATFORMS
  ruby

DEPENDENCIES
  bson_ext
  carrierwave
  carrierwave-mongoid
<<<<<<< HEAD
  color_namer
  exifr
=======
>>>>>>> 701834f098994796692ec4b9c7b90e3ec2d74e7c
  h2o
  haml
  jsonify
  kaminari
  kekomi_content_types (= 0.0.1)!
  mime-types
  mongoid
  mongoid-tree
  mongoid_acts_as_list (~> 0.0.5)
  mongoid_slug
  mongoid_taggable_with_context
  padrino (= 0.10.6)
  rake
  rmagick
  sinatra-flash
  yajl-ruby
